GEM
  remote: https://rubygems.org/
  specs:
    httparty (0.15.6)
      multi_xml (>= 0.5.2)
    multi_xml (0.6.0)

PLATFORMS
  x86-mingw32

DEPENDENCIES
  httparty

BUNDLED WITH
   1.16.1
